GEM
  remote: https://rubygems.org/
  specs:
    fast_haversine (0.0.1)
    json (1.8.3)

PLATFORMS
  ruby

DEPENDENCIES
  fast_haversine
  json
